GEM
  remote: https://rubygems.org/
  specs:
    webrick (1.9.1)

PLATFORMS
  arm64-darwin-25
  ruby

DEPENDENCIES
  webrick (~> 1.9)

BUNDLED WITH
   2.7.2
